PATH
  remote: .
  specs:
    m (1.3.1)
      method_source (>= 0.6.7)
      rake (>= 0.9.2.2)

GEM
  remote: https://rubygems.org/
  specs:
    activesupport (3.1.3)
      multi_json (~> 1.0)
    method_source (0.8.1)
    minitest (2.11.4)
    multi_json (1.0.4)
    mustache (0.99.4)
    rake (10.0.3)
    rdiscount (1.6.8)
    redcarpet (2.0.1)
    rocco (0.8.2)
      mustache
      redcarpet

PLATFORMS
  ruby

DEPENDENCIES
  activesupport
  m!
  minitest
  rdiscount
  rocco
